GIT
  remote: git://github.com/thoughtbot/paperclip.git
  revision: 4bea897fa277eb3928442826e1098108590d9b0b
  specs:
    paperclip (3.1.4)
      activemodel (>= 3.0.0)
      activerecord (>= 3.0.0)
      activesupport (>= 3.0.0)
      cocaine (>= 0.0.2)
      mime-types

GEM
  remote: http://rubygems.org/
  specs:
    abstract (1.0.0)
    actionmailer (3.0.10)
      actionpack (= 3.0.10)
      mail (~> 2.2.19)
    actionpack (3.0.10)
      activemodel (= 3.0.10)
      activesupport (= 3.0.10)
      builder (~> 2.1.2)
      erubis (~> 2.6.6)
      i18n (~> 0.5.0)
      rack (~> 1.2.1)
      rack-mount (~> 0.6.14)
      rack-test (~> 0.5.7)
      tzinfo (~> 0.3.23)
    activemodel (3.0.10)
      activesupport (= 3.0.10)
      builder (~> 2.1.2)
      i18n (~> 0.5.0)
    activerecord (3.0.10)
      activemodel (= 3.0.10)
      activesupport (= 3.0.10)
      arel (~> 2.0.10)
      tzinfo (~> 0.3.23)
    activeresource (3.0.10)
      activemodel (= 3.0.10)
      activesupport (= 3.0.10)
    activesupport (3.0.10)
    addressable (2.3.2)
    arel (2.0.10)
    aws-sdk (1.6.4)
      httparty (~> 0.7)
      json (~> 1.4)
      nokogiri (>= 1.4.4)
      uuidtools (~> 2.1)
    builder (2.1.2)
    cocaine (0.2.1)
    erubis (2.6.6)
      abstract (>= 1.0.0)
    excon (0.15.5)
    gmaps4rails (1.4.2)
      json
    heroku (2.30.2)
      heroku-api (~> 0.3.2)
      launchy (>= 0.3.2)
      netrc (~> 0.7.5)
      rest-client (~> 1.6.1)
      rubyzip
    heroku-api (0.3.2)
      excon (~> 0.15.5)
    high_voltage (1.0.1)
    httparty (0.8.3)
      multi_json (~> 1.0)
      multi_xml
    i18n (0.5.0)
    json (1.6.1)
    kaminari (0.12.4)
      rails (>= 3.0.0)
    launchy (2.1.2)
      addressable (~> 2.3)
    mail (2.2.19)
      activesupport (>= 2.3.6)
      i18n (>= 0.4.0)
      mime-types (~> 1.16)
      treetop (~> 1.4.8)
    mime-types (1.16)
    multi_json (1.3.6)
    multi_xml (0.5.1)
    mysql2 (0.2.18)
    netrc (0.7.5)
    nokogiri (1.5.5)
    polyglot (0.3.2)
    rack (1.2.4)
    rack-mount (0.6.14)
      rack (>= 1.0.0)
    rack-test (0.5.7)
      rack (>= 1.0)
    rails (3.0.10)
      actionmailer (= 3.0.10)
      actionpack (= 3.0.10)
      activerecord (= 3.0.10)
      activeresource (= 3.0.10)
      activesupport (= 3.0.10)
      bundler (~> 1.0)
      railties (= 3.0.10)
    railties (3.0.10)
      actionpack (= 3.0.10)
      activesupport (= 3.0.10)
      rake (>= 0.8.7)
      rdoc (~> 3.4)
      thor (~> 0.14.4)
    rake (0.9.2.2)
    rdoc (3.11)
      json (~> 1.4)
    rest-client (1.6.7)
      mime-types (>= 1.16)
    rubyzip (0.9.9)
    simple_form (2.0.2)
      actionpack (~> 3.0)
      activemodel (~> 3.0)
    sqlite3 (1.3.6)
    thor (0.14.6)
    treetop (1.4.10)
      polyglot
      polyglot (>= 0.3.1)
    twitter-bootstrap-rails (0.0.5)
      railties (~> 3.0)
      thor (~> 0.14)
    tzinfo (0.3.30)
    uuidtools (2.1.3)

PLATFORMS
  ruby

DEPENDENCIES
  aws-sdk
  gmaps4rails
  heroku
  high_voltage
  kaminari
  mysql2 (< 0.3)
  paperclip!
  rails (= 3.0.10)
  simple_form
  sqlite3
  twitter-bootstrap-rails
